NUGET
  remote: https://api.nuget.org/v3/index.json
    Albedo (2.0) - restriction: >= net462
    AutoFixture (4.5) - restriction: >= net462
      Fare (>= 2.1.1 < 3.0) - restriction: || (>= net452) (>= netstandard1.5)
    AutoFixture.AutoMoq (4.5) - restriction: >= net462
      AutoFixture (>= 4.5) - restriction: || (>= net452) (>= netstandard1.5)
      Moq (>= 4.1.1308.2120 < 5.0) - restriction: >= net452
    AutoFixture.Idioms (4.5) - restriction: >= net462
      Albedo (>= 2.0 < 3.0) - restriction: || (>= net452) (>= netstandard2.0)
      AutoFixture (>= 4.5) - restriction: || (>= net452) (>= netstandard2.0)
    AutoFixture.Xunit2 (4.5) - restriction: >= net462
      AutoFixture (>= 4.5) - restriction: || (>= net452) (>= netstandard1.5)
      xunit.extensibility.core (>= 2.0 < 3.0) - restriction: >= net452
    AutoFixtureMoq (1.0) - restriction: >= net462
      AutoFixture (>= 3.30.6)
      AutoFixture.AutoMoq (>= 3.30.6)
      xunit.runner.visualstudio (>= 2.0)
    Bstm.EqualityTests (1.0.1) - restriction: >= net462
      AutoFixture.Idioms (>= 4.0)
    Castle.Core (4.3.1) - restriction: >= net462
    Castle.Windsor (4.1) - restriction: >= net462
      Castle.Core (>= 4.2) - restriction: || (>= net45) (>= netstandard1.6)
    CompareNETObjects (4.55) - restriction: >= net462
    Fare (2.1.1) - restriction: >= net462
    FluentAssertions (5.4.1) - restriction: >= net462
      System.ValueTuple (>= 4.4) - restriction: || (&& (>= net45) (< net47) (< netstandard1.6)) (&& (< net45) (>= netstandard1.3) (< netstandard1.6)) (&& (< net45) (>= netstandard1.6) (< netstandard2.0))
    FsCheck (2.11) - restriction: >= net462
      FSharp.Core (>= 4.0.0.1) - restriction: || (>= net452) (&& (< netstandard1.6) (>= portable-net45+win8+wp8) (< win8)) (&& (< netstandard1.6) (>= win8)) (&& (< portable-net45+win8+wp8) (>= portable-net45+win8+wp8+wpa81))
    FsCheck.Xunit (2.11) - restriction: >= net462
      FsCheck (2.11) - restriction: >= net452
      xunit.extensibility.execution (>= 2.2 < 3.0) - restriction: >= net452
    FSharp.Core (4.5.1) - restriction: >= net462
    JetBrains.Annotations (11.1) - restriction: >= net462
    Moq (4.9) - restriction: >= net462
      Castle.Core (>= 4.3.1) - restriction: || (>= net45) (>= netstandard1.3)
      System.Threading.Tasks.Extensions (>= 4.3) - restriction: || (>= net45) (>= netstandard1.3)
      System.ValueTuple (>= 4.4) - restriction: || (>= net45) (>= netstandard1.3)
    more.xunit.runner.visualstudio (2.3.1) - restriction: >= net462
    NLog (4.5.7) - restriction: >= net462
    System.Collections.Concurrent (4.3) - restriction: >= net462
    System.ComponentModel.Annotations (4.5) - restriction: >= net462
    System.ComponentModel.Primitives (4.3) - restriction: >= net462
    System.Reactive (4.0) - restriction: >= net462
    System.Reactive.Interfaces (4.0) - restriction: >= net462
      System.Reactive (>= 4.0) - restriction: || (>= net46) (>= netstandard2.0) (>= uap10.0)
    System.Runtime.CompilerServices.Unsafe (4.5.1) - restriction: >= net462
    System.Threading.Tasks.Extensions (4.5.1) - restriction: >= net462
      System.Runtime.CompilerServices.Unsafe (>= 4.5) - restriction: || (&& (< monoandroid) (< monotouch) (>= netstandard1.0) (< netstandard2.0) (< win8) (< wpa81) (< xamarinmac) (< xamarintvos) (< xamarinwatchos)) (&& (< monoandroid) (< netstandard1.0) (>= portable-net45+win8+wp8+wpa81) (< win8)) (>= net45) (&& (< netcoreapp2.1) (>= netstandard2.0) (< xamarinios)) (&& (< netstandard1.0) (>= win8)) (&& (< netstandard2.0) (>= wpa81)) (>= wp8)
    System.ValueTuple (4.5) - restriction: >= net462
    xunit (2.4) - restriction: >= net462
      xunit.analyzers (>= 0.10)
      xunit.assert (2.4)
      xunit.core (2.4)
    xunit.abstractions (2.0.2) - restriction: >= net462
    xunit.analyzers (0.10) - restriction: >= net462
    xunit.assert (2.4) - restriction: >= net462
    xunit.core (2.4) - restriction: >= net462
      xunit.extensibility.core (2.4)
      xunit.extensibility.execution (2.4)
    xunit.extensibility.core (2.4) - restriction: >= net462
      xunit.abstractions (>= 2.0.2) - restriction: >= netstandard1.1
    xunit.extensibility.execution (2.4) - restriction: >= net462
      xunit.extensibility.core (2.4) - restriction: >= netstandard1.1
    xunit.runner.console (2.4) - restriction: >= net462
    xunit.runner.visualstudio (2.4) - restriction: >= net462
