RESTRICTION: == net462
NUGET
  remote: https://api.nuget.org/v3/index.json
    Albedo (2.0)
    AutoFixture (4.5)
      Fare (>= 2.1.1 < 3.0)
    AutoFixture.AutoMoq (4.5)
      AutoFixture (>= 4.5)
      Moq (>= 4.1.1308.2120 < 5.0)
    AutoFixture.Idioms (4.5)
      Albedo (>= 2.0 < 3.0)
      AutoFixture (>= 4.5)
    AutoFixture.Xunit2 (4.5)
      AutoFixture (>= 4.5)
      xunit.extensibility.core (>= 2.0 < 3.0)
    AutoFixtureMoq (1.0)
      AutoFixture (>= 3.30.6)
      AutoFixture.AutoMoq (>= 3.30.6)
      xunit.runner.visualstudio (>= 2.0)
    Bstm.EqualityTests (1.0.1)
      AutoFixture.Idioms (>= 4.0)
    Castle.Core (4.3.1)
    Castle.Windsor (4.1)
      Castle.Core (>= 4.2)
    CompareNETObjects (4.55)
    Fare (2.1.1)
    FluentAssertions (5.4.1)
      System.ValueTuple (>= 4.4)
    FsCheck (2.11)
      FSharp.Core (>= 4.0.0.1)
    FsCheck.Xunit (2.11)
      FsCheck (2.11)
      xunit.extensibility.execution (>= 2.2 < 3.0)
    FSharp.Core (4.5.3)
    JetBrains.Annotations (11.1)
    Moq (4.10)
      Castle.Core (>= 4.3.1)
      System.Threading.Tasks.Extensions (>= 4.3)
      System.ValueTuple (>= 4.4)
    NLog (4.5.7)
    System.Collections.Concurrent (4.3)
    System.ComponentModel.Annotations (4.5)
    System.ComponentModel.Primitives (4.3)
    System.Reactive (4.1.2)
      System.Threading.Tasks.Extensions (>= 4.5.1)
      System.ValueTuple (>= 4.4)
    System.Reactive.Interfaces (4.0)
      System.Reactive (>= 4.0)
    System.Runtime.CompilerServices.Unsafe (4.5.2)
    System.Threading.Tasks.Extensions (4.5.1)
      System.Runtime.CompilerServices.Unsafe (>= 4.5)
    System.ValueTuple (4.5)
    xunit (2.4)
      xunit.analyzers (>= 0.10)
      xunit.assert (2.4)
      xunit.core (2.4)
    xunit.abstractions (2.0.3)
    xunit.analyzers (0.10)
    xunit.assert (2.4)
    xunit.core (2.4)
      xunit.extensibility.core (2.4)
      xunit.extensibility.execution (2.4)
    xunit.extensibility.core (2.4)
      xunit.abstractions (>= 2.0.2)
    xunit.extensibility.execution (2.4)
      xunit.extensibility.core (2.4)
    xunit.runner.visualstudio (2.4.1)
